GIT
  remote: git://github.com/refinery/refinerycms-acts-as-indexed.git
  revision: e3e10c03d18e60cbaf8f6b99e054d15dc1ccfb4f
  specs:
    refinerycms-acts-as-indexed (1.0.0)
      acts_as_indexed (~> 0.8.0)
      refinerycms-core (>= 2.1.0.dev)

GIT
  remote: git://github.com/refinery/refinerycms-blog.git
  revision: 8c80c853d81380cb5862d33ad27669c8240f238b
  specs:
    refinerycms-blog (2.1.0.dev)
      acts-as-taggable-on
      filters_spam (~> 0.2)
      friendly_id (~> 4.0.4)
      rails_autolink (~> 1.0.7)
      refinerycms-core (~> 2.1.0.dev)
      refinerycms-settings (~> 2.1.0.dev)
      seo_meta (~> 1.4.0)

GIT
  remote: git://github.com/refinery/refinerycms-i18n.git
  revision: 04af7f5f3d3a972835dde3e457a662c3fe327914
  specs:
    refinerycms-i18n (2.1.0.dev)
      rails-i18n (~> 0.6.5)
      routing-filter (~> 0.3.0)

GIT
  remote: git://github.com/refinery/refinerycms-inquiries.git
  revision: 60c7017ece7b2ef8bb504e464e9711fc03f7c677
  specs:
    refinerycms-inquiries (2.1.0.dev)
      filters_spam (~> 0.2)
      refinerycms-core (~> 2.1.0.dev)
      refinerycms-settings (~> 2.1.0.dev)

GIT
  remote: git://github.com/refinery/refinerycms-settings.git
  revision: 3c7311c034e966df941702a27e5753a71d76ce88
  specs:
    refinerycms-settings (2.1.0.dev)
      acts_as_indexed (~> 0.8.1)
      refinerycms-core (~> 2.1.0.dev)

GIT
  remote: git://github.com/refinery/refinerycms.git
  revision: 69091ed2ffbe7f773ee429a9420c495a3208e7b6
  specs:
    refinerycms (2.1.0.dev)
      bundler (>= 1.2.2, < 2.0)
      refinerycms-authentication (= 2.1.0.dev)
      refinerycms-core (= 2.1.0.dev)
      refinerycms-dashboard (= 2.1.0.dev)
      refinerycms-images (= 2.1.0.dev)
      refinerycms-pages (= 2.1.0.dev)
      refinerycms-resources (= 2.1.0.dev)
    refinerycms-authentication (2.1.0.dev)
      actionmailer (>= 3.1.3, < 3.3)
      devise (~> 2.1.0)
      refinerycms-core (= 2.1.0.dev)
    refinerycms-core (2.1.0.dev)
      actionpack (>= 3.1.11, < 3.3, != 3.2.9, != 3.2.8, != 3.2.7, != 3.2.6, != 3.2.5, != 3.2.4, != 3.2.3, != 3.2.2, != 3.2.11, != 3.2.10, != 3.2.1, != 3.2.0)
      activerecord (>= 3.1.11, < 3.3, != 3.2.9, != 3.2.8, != 3.2.7, != 3.2.6, != 3.2.5, != 3.2.4, != 3.2.3, != 3.2.2, != 3.2.11, != 3.2.10, != 3.2.1, != 3.2.0)
      awesome_nested_set (~> 2.1.3)
      decorators (~> 1.0.0)
      jquery-rails (~> 2.0.0)
      railties (>= 3.1.11, < 3.3, != 3.2.9, != 3.2.8, != 3.2.7, != 3.2.6, != 3.2.5, != 3.2.4, != 3.2.3, != 3.2.2, != 3.2.11, != 3.2.10, != 3.2.1, != 3.2.0)
      refinerycms-i18n (~> 2.1.0.dev)
      sass-rails (~> 3.2.3)
      truncate_html (~> 0.5.5)
      will_paginate (~> 3.0.2)
    refinerycms-dashboard (2.1.0.dev)
      refinerycms-core (= 2.1.0.dev)
    refinerycms-images (2.1.0.dev)
      dragonfly (~> 0.9.14)
      refinerycms-core (= 2.1.0.dev)
    refinerycms-pages (2.1.0.dev)
      awesome_nested_set (~> 2.1.3)
      babosa (!= 0.3.6)
      friendly_id (~> 4.0.9)
      globalize3 (~> 0.3.0)
      refinerycms-core (= 2.1.0.dev)
      seo_meta (~> 1.4.0)
    refinerycms-resources (2.1.0.dev)
      acts_as_indexed (~> 0.8.0)
      dragonfly (~> 0.9.12)
      refinerycms-core (= 2.1.0.dev)
    refinerycms-testing (2.1.0.dev)
      capybara (~> 1.1.2)
      database_cleaner (~> 0.7.2)
      factory_girl_rails (~> 1.7.0)
      refinerycms-core (= 2.1.0.dev)
      rspec-rails (~> 2.11)

GEM
  remote: https://rubygems.org/
  specs:
    actionmailer (3.2.12)
      actionpack (= 3.2.12)
      mail (~> 2.4.4)
    actionpack (3.2.12)
      activemodel (= 3.2.12)
      activesupport (= 3.2.12)
      builder (~> 3.0.0)
      erubis (~> 2.7.0)
      journey (~> 1.0.4)
      rack (~> 1.4.5)
      rack-cache (~> 1.2)
      rack-test (~> 0.6.1)
      sprockets (~> 2.2.1)
    activemodel (3.2.12)
      activesupport (= 3.2.12)
      builder (~> 3.0.0)
    activerecord (3.2.12)
      activemodel (= 3.2.12)
      activesupport (= 3.2.12)
      arel (~> 3.0.2)
      tzinfo (~> 0.3.29)
    activerecord-jdbc-adapter (1.2.7)
    activerecord-jdbcpostgresql-adapter (1.2.7)
      activerecord-jdbc-adapter (~> 1.2.7)
      jdbc-postgres (>= 9.1, < 9.3)
    activeresource (3.2.12)
      activemodel (= 3.2.12)
      activesupport (= 3.2.12)
    activesupport (3.2.12)
      i18n (~> 0.6)
      multi_json (~> 1.0)
    acts-as-taggable-on (2.3.3)
      rails (~> 3.0)
    acts_as_indexed (0.8.2)
    arel (3.0.2)
    awesome_nested_set (2.1.6)
      activerecord (>= 3.0.0)
    babosa (0.3.9)
    bcrypt-ruby (3.0.1)
    bcrypt-ruby (3.0.1-java)
    builder (3.0.4)
    capybara (1.1.4)
      mime-types (>= 1.16)
      nokogiri (>= 1.3.3)
      rack (>= 1.0.0)
      rack-test (>= 0.5.4)
      selenium-webdriver (~> 2.0)
      xpath (~> 0.1.4)
    childprocess (0.3.8)
      ffi (~> 1.0, >= 1.0.11)
    chunky_png (1.2.7)
    coffee-rails (3.2.2)
      coffee-script (>= 2.2.0)
      railties (~> 3.2.0)
    coffee-script (2.2.0)
      coffee-script-source
      execjs
    coffee-script-source (1.5.0)
    compass (0.12.2)
      chunky_png (~> 1.2)
      fssm (>= 0.2.7)
      sass (~> 3.1)
    compass-rails (1.0.3)
      compass (>= 0.12.2, < 0.14)
    database_cleaner (0.7.2)
    decorators (1.0.3)
      railties (>= 3.0.19, != 3.2.9, != 3.2.8, != 3.2.7, != 3.2.6, != 3.2.5, != 3.2.4, != 3.2.3, != 3.2.2, != 3.2.10, != 3.2.1, != 3.2.0, != 3.1.9, != 3.1.8, != 3.1.7, != 3.1.6, != 3.1.5, != 3.1.4, != 3.1.3, != 3.1.2, != 3.1.1, != 3.1.0)
    devise (2.1.3)
      bcrypt-ruby (~> 3.0)
      orm_adapter (~> 0.1)
      railties (~> 3.1)
      warden (~> 1.2.1)
    diff-lcs (1.2.1)
    dragonfly (0.9.14)
      multi_json (~> 1.0)
      rack
    erubis (2.7.0)
    excon (0.18.5)
    execjs (1.4.0)
      multi_json (~> 1.0)
    factory_girl (2.6.4)
      activesupport (>= 2.3.9)
    factory_girl_rails (1.7.0)
      factory_girl (~> 2.6.0)
      railties (>= 3.0.0)
    ffi (1.4.0)
    ffi (1.4.0-java)
    filters_spam (0.3)
    fog (1.9.0)
      builder
      excon (~> 0.14)
      formatador (~> 0.2.0)
      mime-types
      multi_json (~> 1.0)
      net-scp (~> 1.0.4)
      net-ssh (>= 2.1.3)
      nokogiri (~> 1.5.0)
      ruby-hmac
    formatador (0.2.4)
    friendly_id (4.0.9)
    fssm (0.2.10)
    generator_spec (0.8.7)
      activerecord (>= 3.0, < 4.0)
      railties (>= 3.0, < 4.0)
    globalize3 (0.3.0)
      activemodel (>= 3.0.0)
      activerecord (>= 3.0.0)
      paper_trail (~> 2)
    hike (1.2.1)
    i18n (0.6.1)
    jdbc-postgres (9.2.1002.1)
    journey (1.0.4)
    jquery-rails (2.0.3)
      railties (>= 3.1.0, < 5.0)
      thor (~> 0.14)
    json (1.7.7)
    json (1.7.7-java)
    mail (2.4.4)
      i18n (>= 0.4.0)
      mime-types (~> 1.16)
      treetop (~> 1.4.8)
    mime-types (1.21)
    multi_json (1.6.1)
    net-scp (1.0.4)
      net-ssh (>= 1.99.1)
    net-ssh (2.6.5)
    newrelic_rpm (3.5.7.59)
    nokogiri (1.5.6)
    nokogiri (1.5.6-java)
    orm_adapter (0.4.0)
    paper_trail (2.7.1)
      activerecord (~> 3.0)
      railties (~> 3.0)
    pg (0.14.1)
    polyglot (0.3.3)
    puma (1.6.3)
      rack (~> 1.2)
    puma (1.6.3-java)
      rack (~> 1.2)
    quiet_assets (1.0.1)
      railties (~> 3.1)
    rack (1.4.5)
    rack-cache (1.2)
      rack (>= 0.4)
    rack-ssl (1.3.3)
      rack
    rack-test (0.6.2)
      rack (>= 1.0)
    rails (3.2.12)
      actionmailer (= 3.2.12)
      actionpack (= 3.2.12)
      activerecord (= 3.2.12)
      activeresource (= 3.2.12)
      activesupport (= 3.2.12)
      bundler (~> 1.0)
      railties (= 3.2.12)
    rails-i18n (0.6.6)
      i18n (~> 0.5)
    rails_autolink (1.0.9)
      rails (~> 3.1)
    railties (3.2.12)
      actionpack (= 3.2.12)
      activesupport (= 3.2.12)
      rack-ssl (~> 1.3.2)
      rake (>= 0.8.7)
      rdoc (~> 3.4)
      thor (>= 0.14.6, < 2.0)
    rake (10.0.3)
    rdoc (3.12.2)
      json (~> 1.4)
    routing-filter (0.3.1)
      actionpack
    rspec-core (2.13.0)
    rspec-expectations (2.13.0)
      diff-lcs (>= 1.1.3, < 2.0)
    rspec-mocks (2.13.0)
    rspec-rails (2.13.0)
      actionpack (>= 3.0)
      activesupport (>= 3.0)
      railties (>= 3.0)
      rspec-core (~> 2.13.0)
      rspec-expectations (~> 2.13.0)
      rspec-mocks (~> 2.13.0)
    ruby-hmac (0.4.0)
    rubyzip (0.9.9)
    sass (3.2.6)
    sass-rails (3.2.6)
      railties (~> 3.2.0)
      sass (>= 3.1.10)
      tilt (~> 1.3)
    selenium-webdriver (2.30.0)
      childprocess (>= 0.2.5)
      multi_json (~> 1.0)
      rubyzip
      websocket (~> 1.0.4)
    seo_meta (1.4.0)
      railties (>= 3.0.0)
    sprockets (2.2.2)
      hike (~> 1.2)
      multi_json (~> 1.0)
      rack (~> 1.0)
      tilt (~> 1.1, != 1.3.0)
    thor (0.17.0)
    tilt (1.3.3)
    treetop (1.4.12)
      polyglot
      polyglot (>= 0.3.1)
    truncate_html (0.5.5)
    tzinfo (0.3.35)
    uglifier (1.3.0)
      execjs (>= 0.3.0)
      multi_json (~> 1.0, >= 1.0.2)
    warden (1.2.1)
      rack (>= 1.0)
    websocket (1.0.7)
    will_paginate (3.0.4)
    xpath (0.1.4)
      nokogiri (~> 1.3)

PLATFORMS
  java
  ruby

DEPENDENCIES
  activerecord-jdbcpostgresql-adapter
  coffee-rails (~> 3.2.1)
  compass
  compass-rails
  fog
  generator_spec
  jquery-rails
  newrelic_rpm
  pg
  puma
  quiet_assets
  refinerycms!
  refinerycms-acts-as-indexed!
  refinerycms-blog!
  refinerycms-i18n!
  refinerycms-inquiries!
  refinerycms-settings!
  refinerycms-testing!
  rspec-rails
  sass-rails (~> 3.2.3)
  uglifier (>= 1.0.3)
